GEM
  remote: https://rubygems.org/
  specs:
    forwardable (1.3.3)
    minitest (5.22.2)
    minitest-power_assert (0.3.1)
      minitest
      power_assert (>= 1.1)
    mutex_m (0.2.0)
    power_assert (2.0.3)

PLATFORMS
  arm64-darwin-23
  ruby

DEPENDENCIES
  forwardable
  minitest
  minitest-power_assert
  mutex_m

BUNDLED WITH
   2.5.6
